{"Modality":"MR",
"MagneticFieldStrength":3,
"ImagingFrequency":123.203,
"Manufacturer":"Siemens",
"ManufacturersModelName":"Prisma",
"InstitutionName":"NYU AD",
"InstitutionalDepartmentName":"Department",
"InstitutionAddress":"Street StreetNo,Abu Dhabi,Saadyiat Island,AE,ZIP",
"DeviceSerialNumber":"166043",
"StationName":"AWP166043",
"BodyPartExamined":"BRAIN",
"PatientPosition":"HFS",
"ProcedureStepDescription":"Bas Rokers^Studies 2020",
"SoftwareVersions":"syngo MR E11",
"MRAcquisitionType":"2D",
"SeriesDescription":"2_FMRI_DISTORTION_PA_2mm_68sl",
"ProtocolName":"2_FMRI_DISTORTION_PA_2mm_68sl",
"ScanningSequence":"EP",
"SequenceVariant":"SK",
"ScanOptions":"PFP\\FS",
"SequenceName":"epse2d1_104",
"ImageType":["ORIGINAL",
"PRIMARY",
"M",
"ND",
"MOSAIC"],
"SeriesNumber":30,
"AcquisitionTime":"10:49:52.307500",
"AcquisitionNumber":1,
"SliceThickness":2,
"SpacingBetweenSlices":2,
"SAR":0.174312,
"EchoTime":0.0512,
"RepetitionTime":6.54,
"FlipAngle":90,
"PartialFourier":0.875,
"BaseResolution":104,
"ShimSetting":[-3020,-11132,7129,610,-50,-472,-56,83],
"TxRefAmp":211.854,
"PhaseResolution":1,
"ReceiveCoilName":"HeadNeck_64",
"ReceiveCoilActiveElements":"HC1-7",
"PulseSequenceDetails":"%CustomerSeq%\\cmrr_mbep2d_se",
"WipMemBlock":"91e3e4f8-bc03-4cd4-8808-9fd8d3bd08cf||Sequence: R016 ve11c/master r/e634e98; Dec 19 2017 11:22:56 by eja",
"CoilCombinationMethod":"Sum of Squares",
"ConsistencyInfo":"N4_VE11C_LATEST_20160120",
"MatrixCoilMode":"SENSE",
"PercentPhaseFOV":100,
"PercentSampling":100,
"EchoTrainLength":91,
"PhaseEncodingSteps":91,
"AcquisitionMatrixPE":104,
"ReconMatrixPE":104,
"BandwidthPerPixelPhaseEncode":16.297,
"EffectiveEchoSpacing":0.000590009,
"DerivedVendorReportedEchoSpacing":0.000590009,
"TotalReadoutTime":0.060771,
"PixelBandwidth":2290,
"DwellTime":2.1E-6,
"PhaseEncodingDirection":"j",
"SliceTiming":[3.26,0,3.3575,0.0975,3.4525,0.1925,3.5475,0.2875,3.645,0.385,3.74,0.48,3.835,0.575,3.9325,0.6725,4.0275,0.7675,4.1225,0.865,4.22,0.96,4.315,1.055,4.4125,1.1525,4.5075,1.2475,4.6025,1.3425,4.7,1.44,4.795,1.535,4.89,1.63,4.9875,1.7275,5.0825,1.8225,5.1775,1.9175,5.275,2.015,5.37,2.11,5.465,2.205,5.5625,2.3025,5.6575,2.3975,5.7525,2.495,5.85,2.59,5.945,2.685,6.0425,2.7825,6.1375,2.8775,6.2325,2.9725,6.33,3.07,6.425,3.165],
"ImageOrientationPatientDICOM":[0.995997,0.0887831,0.0103578,-0.0878392,0.993636,-0.0705174],
"ImageOrientationText":"Tra>Cor(-4.0)>Sag(0.9)",
"InPlanePhaseEncodingDirectionDICOM":"COL",
"ConversionSoftware":"dcm2niix",
"ConversionSoftwareVersion":"v1.0.20211006",
"Dcm2bidsVersion":"2.1.6",
"IntendedFor":["ses-03/func/sub-0202_ses-03_task-3dmotion_run-01_bold.nii.gz",
"ses-03/func/sub-0202_ses-03_task-3dmotion_run-01_sbref.nii.gz",
"ses-03/func/sub-0202_ses-03_task-3dmotion_run-02_bold.nii.gz",
"ses-03/func/sub-0202_ses-03_task-3dmotion_run-02_sbref.nii.gz",
"ses-03/func/sub-0202_ses-03_task-3dmotion_run-03_bold.nii.gz",
"ses-03/func/sub-0202_ses-03_task-3dmotion_run-03_sbref.nii.gz",
"ses-03/func/sub-0202_ses-03_task-3dmotion_run-04_bold.nii.gz",
"ses-03/func/sub-0202_ses-03_task-3dmotion_run-04_sbref.nii.gz",
"ses-03/func/sub-0202_ses-03_task-3dmotion_run-05_bold.nii.gz",
"ses-03/func/sub-0202_ses-03_task-3dmotion_run-05_sbref.nii.gz",
"ses-03/func/sub-0202_ses-03_task-3dmotion_run-06_bold.nii.gz",
"ses-03/func/sub-0202_ses-03_task-3dmotion_run-06_sbref.nii.gz",
"ses-03/func/sub-0202_ses-03_task-3dmotion_run-07_bold.nii.gz",
"ses-03/func/sub-0202_ses-03_task-3dmotion_run-07_sbref.nii.gz",
"ses-03/func/sub-0202_ses-03_task-3dmotion_run-08_bold.nii.gz",
"ses-03/func/sub-0202_ses-03_task-3dmotion_run-08_sbref.nii.gz",
"ses-03/func/sub-0202_ses-03_task-3dmotion_run-09_bold.nii.gz",
"ses-03/func/sub-0202_ses-03_task-3dmotion_run-09_sbref.nii.gz",
"ses-03/func/sub-0202_ses-03_task-3dmotion_run-10_bold.nii.gz",
"ses-03/func/sub-0202_ses-03_task-3dmotion_run-10_sbref.nii.gz"],
"TaskName":"3dmotion"}