{"Modality":"MR",
"MagneticFieldStrength":3,
"ImagingFrequency":123.203,
"Manufacturer":"Siemens",
"ManufacturersModelName":"Prisma",
"InstitutionName":"NYU AD",
"InstitutionalDepartmentName":"Department",
"InstitutionAddress":"Street StreetNo,Abu Dhabi,Saadyiat Island,AE,ZIP",
"DeviceSerialNumber":"166043",
"StationName":"AWP166043",
"BodyPartExamined":"BRAIN",
"PatientPosition":"HFS",
"ProcedureStepDescription":"Caterina^3DMotion",
"SoftwareVersions":"syngo MR E11",
"MRAcquisitionType":"2D",
"SeriesDescription":"fmap_acq-se_run-02_dir-pa_topup",
"ProtocolName":"fmap_acq-se_run-02_dir-pa_topup",
"ScanningSequence":"EP",
"SequenceVariant":"SK",
"ScanOptions":"PFP\\FS",
"SequenceName":"epse2d1_104",
"ImageType":["ORIGINAL",
"PRIMARY",
"M",
"ND",
"MOSAIC"],
"SeriesNumber":8,
"AcquisitionTime":"12:26:10.307500",
"AcquisitionNumber":1,
"SliceThickness":2,
"SpacingBetweenSlices":2,
"SAR":0.164553,
"EchoTime":0.0512,
"RepetitionTime":6.54,
"FlipAngle":90,
"PartialFourier":0.875,
"BaseResolution":104,
"ShimSetting":[-2985,-11120,7094,542,-36,-262,155,-94],
"TxRefAmp":233.623,
"PhaseResolution":1,
"ReceiveCoilName":"HeadNeck_64",
"ReceiveCoilActiveElements":"HC1-7",
"PulseSequenceDetails":"%CustomerSeq%\\cmrr_mbep2d_se",
"WipMemBlock":"a1a9ea7b-16c5-4c4f-aa58-961cef6e34e6||Sequence: R016 ve11c/master r/e634e98; Dec 19 2017 11:22:56 by eja",
"CoilCombinationMethod":"Sum of Squares",
"ConsistencyInfo":"N4_VE11C_LATEST_20160120",
"MatrixCoilMode":"SENSE",
"PercentPhaseFOV":100,
"PercentSampling":100,
"EchoTrainLength":91,
"PhaseEncodingSteps":91,
"AcquisitionMatrixPE":104,
"ReconMatrixPE":104,
"BandwidthPerPixelPhaseEncode":16.297,
"EffectiveEchoSpacing":0.000590009,
"DerivedVendorReportedEchoSpacing":0.000590009,
"TotalReadoutTime":0.060771,
"PixelBandwidth":2290,
"DwellTime":2.1E-6,
"PhaseEncodingDirection":"j",
"SliceTiming":[3.26,0,3.355,0.095,3.45,0.19,3.5475,0.2875,3.6425,0.3825,3.7375,0.4775,3.835,0.575,3.93,0.67,4.025,0.765,4.1225,0.8625,4.2175,0.9575,4.3125,1.0525,4.41,1.15,4.505,1.245,4.6,1.3425,4.6975,1.4375,4.7925,1.5325,4.89,1.63,4.985,1.725,5.08,1.82,5.1775,1.9175,5.2725,2.0125,5.3675,2.1075,5.465,2.205,5.56,2.3,5.655,2.395,5.7525,2.4925,5.8475,2.5875,5.9425,2.6825,6.04,2.78,6.135,2.875,6.23,2.9725,6.3275,3.0675,6.4225,3.1625],
"ImageOrientationPatientDICOM":[0.996279,0.055338,0.0660687,-0.0529103,0.997878,-0.0379473],
"ImageOrientationText":"Tra>Sag(3.9)>Cor(-2.0)",
"InPlanePhaseEncodingDirectionDICOM":"COL",
"ConversionSoftware":"dcm2niix",
"ConversionSoftwareVersion":"v1.0.20211006",
"Dcm2bidsVersion":"2.1.6",
"IntendedFor":["ses-03/func/sub-0229_ses-03_task-3dmotion_run-01_bold.nii.gz",
"ses-03/func/sub-0229_ses-03_task-3dmotion_run-01_sbref.nii.gz",
"ses-03/func/sub-0229_ses-03_task-3dmotion_run-02_bold.nii.gz",
"ses-03/func/sub-0229_ses-03_task-3dmotion_run-02_sbref.nii.gz",
"ses-03/func/sub-0229_ses-03_task-3dmotion_run-03_bold.nii.gz",
"ses-03/func/sub-0229_ses-03_task-3dmotion_run-03_sbref.nii.gz",
"ses-03/func/sub-0229_ses-03_task-3dmotion_run-04_bold.nii.gz",
"ses-03/func/sub-0229_ses-03_task-3dmotion_run-04_sbref.nii.gz",
"ses-03/func/sub-0229_ses-03_task-3dmotion_run-05_bold.nii.gz",
"ses-03/func/sub-0229_ses-03_task-3dmotion_run-05_sbref.nii.gz",
"ses-03/func/sub-0229_ses-03_task-3dmotion_run-06_bold.nii.gz",
"ses-03/func/sub-0229_ses-03_task-3dmotion_run-06_sbref.nii.gz",
"ses-03/func/sub-0229_ses-03_task-3dmotion_run-07_bold.nii.gz",
"ses-03/func/sub-0229_ses-03_task-3dmotion_run-07_sbref.nii.gz",
"ses-03/func/sub-0229_ses-03_task-3dmotion_run-08_bold.nii.gz",
"ses-03/func/sub-0229_ses-03_task-3dmotion_run-08_sbref.nii.gz",
"ses-03/func/sub-0229_ses-03_task-3dmotion_run-09_bold.nii.gz",
"ses-03/func/sub-0229_ses-03_task-3dmotion_run-09_sbref.nii.gz",
"ses-03/func/sub-0229_ses-03_task-3dmotion_run-10_bold.nii.gz",
"ses-03/func/sub-0229_ses-03_task-3dmotion_run-10_sbref.nii.gz"],
"TaskName":"3dmotion"}