{"Modality":"MR",
"MagneticFieldStrength":3,
"ImagingFrequency":123.204,
"Manufacturer":"Siemens",
"ManufacturersModelName":"Prisma",
"InstitutionName":"NYU AD",
"InstitutionalDepartmentName":"Department",
"InstitutionAddress":"Street StreetNo,Abu Dhabi,Saadyiat Island,AE,ZIP",
"DeviceSerialNumber":"166043",
"StationName":"AWP166043",
"BodyPartExamined":"BRAIN",
"PatientPosition":"HFS",
"ProcedureStepDescription":"Caterina^3DMotion",
"SoftwareVersions":"syngo MR E11",
"MRAcquisitionType":"2D",
"SeriesDescription":"func-bold_task-3dmotion_run-06",
"ProtocolName":"func-bold_task-3dmotion_run-06",
"ScanningSequence":"EP",
"SequenceVariant":"SK\\SS",
"ScanOptions":"FS",
"SequenceName":"epfid2d1_104",
"ImageType":["ORIGINAL",
"PRIMARY",
"M",
"MB",
"ND",
"MOSAIC"],
"SeriesNumber":20,
"AcquisitionTime":"11:01:57.415000",
"AcquisitionNumber":1,
"ImageComments":"Unaliased MB4/PE3/LB",
"SliceThickness":2,
"SpacingBetweenSlices":2,
"SAR":0.060825,
"EchoTime":0.038,
"RepetitionTime":1.5,
"FlipAngle":68,
"PartialFourier":1,
"BaseResolution":104,
"ShimSetting":[-3005,-11116,7111,389,-36,-271,95,61],
"TxRefAmp":241.082,
"PhaseResolution":1,
"VendorReportedEchoSpacing":0.00059,
"ReceiveCoilName":"HeadNeck_64",
"ReceiveCoilActiveElements":"HC1-7",
"PulseSequenceDetails":"%CustomerSeq%\\cmrr_mbep2d_bold",
"WipMemBlock":"5a63bdde-2c85-4bd2-86b4-2b76016cbaa9||Sequence: R016 ve11c/master r/e634e98; Dec 19 2017 11:00:25 by eja",
"CoilCombinationMethod":"Sum of Squares",
"ConsistencyInfo":"N4_VE11C_LATEST_20160120",
"MatrixCoilMode":"SENSE",
"MultibandAccelerationFactor":4,
"PercentPhaseFOV":100,
"PercentSampling":100,
"EchoTrainLength":104,
"PhaseEncodingSteps":104,
"AcquisitionMatrixPE":104,
"ReconMatrixPE":104,
"BandwidthPerPixelPhaseEncode":16.297,
"EffectiveEchoSpacing":0.000590009,
"DerivedVendorReportedEchoSpacing":0.000590009,
"TotalReadoutTime":0.060771,
"PixelBandwidth":2290,
"DwellTime":2.1E-6,
"PhaseEncodingDirection":"j",
"SliceTiming":[0,0.7825,0.0875,0.87,0.175,0.9575,0.26,1.045,0.3475,1.1325,0.435,1.2175,0.5225,1.305,0.61,1.3925,0.695,0,0.7825,0.0875,0.87,0.175,0.9575,0.26,1.045,0.3475,1.1325,0.435,1.2175,0.5225,1.305,0.61,1.3925,0.695,0,0.7825,0.0875,0.87,0.175,0.9575,0.26,1.045,0.3475,1.1325,0.435,1.2175,0.5225,1.305,0.61,1.3925,0.695,0,0.7825,0.0875,0.87,0.175,0.9575,0.26,1.045,0.3475,1.1325,0.435,1.2175,0.5225,1.305,0.61,1.3925,0.695],
"ImageOrientationPatientDICOM":[0.999594,-0.0200383,-0.0202445,0.018495,0.997106,-0.0737371],
"ImageOrientationText":"Tra>Cor(-4.2)>Sag(-1.2)",
"InPlanePhaseEncodingDirectionDICOM":"COL",
"ConversionSoftware":"dcm2niix",
"ConversionSoftwareVersion":"v1.0.20211006",
"Dcm2bidsVersion":"2.1.6",
"TaskName":"3dmotion"}