{"Modality":"MR",
"MagneticFieldStrength":3,
"ImagingFrequency":123.191,
"Manufacturer":"Siemens",
"ManufacturersModelName":"Prisma",
"InstitutionName":"NYU - CBI",
"InstitutionalDepartmentName":"Department",
"InstitutionAddress":"Washington Place 6,NYC,NYC,US,10003",
"DeviceSerialNumber":"166018",
"StationName":"AWP166018",
"BodyPartExamined":"BRAIN",
"PatientPosition":"HFS",
"ProcedureStepDescription":"Investigators^Rokers",
"SoftwareVersions":"syngo MR E11",
"MRAcquisitionType":"2D",
"SeriesDescription":"SBREF_cmrr_mbepi_s4_2mm_68sl_PA_task-prf",
"ProtocolName":"SBREF_cmrr_mbepi_s4_2mm_68sl_PA_task-prf",
"ScanningSequence":"EP",
"SequenceVariant":"SK\\SS",
"ScanOptions":"FS",
"SequenceName":"epfid2d1_104",
"ImageType":["ORIGINAL",
"PRIMARY",
"M",
"ND",
"MOSAIC"],
"SeriesNumber":37,
"AcquisitionTime":"14:51:17.707500",
"AcquisitionNumber":1,
"SliceThickness":2,
"SpacingBetweenSlices":2,
"SAR":0.0168762,
"EchoTime":0.038,
"RepetitionTime":5.789,
"FlipAngle":68,
"PartialFourier":1,
"BaseResolution":104,
"ShimSetting":[248,-12628,-8454,406,-72,-290,-196,-20],
"TxRefAmp":208.06,
"PhaseResolution":1,
"VendorReportedEchoSpacing":0.00059,
"ReceiveCoilName":"HeadNeck_64",
"ReceiveCoilActiveElements":"HC1-7",
"PulseSequenceDetails":"%CustomerSeq%\\cmrr_mbep2d_bold",
"WipMemBlock":"7d21b7a0-165f-462d-a4d2-3c691d18e6ab||Sequence: R016 ve11c/master r/8780670; Nov 27 2017 15:05:12 by eja",
"CoilCombinationMethod":"Sum of Squares",
"ConsistencyInfo":"N4_VE11C_LATEST_20160120",
"MatrixCoilMode":"SENSE",
"PercentPhaseFOV":100,
"PercentSampling":100,
"EchoTrainLength":104,
"PhaseEncodingSteps":104,
"AcquisitionMatrixPE":104,
"ReconMatrixPE":104,
"BandwidthPerPixelPhaseEncode":16.297,
"EffectiveEchoSpacing":0.000590009,
"DerivedVendorReportedEchoSpacing":0.000590009,
"TotalReadoutTime":0.060771,
"PixelBandwidth":2290,
"DwellTime":2.1E-6,
"PhaseEncodingDirection":"j",
"SliceTiming":[2.885,0,2.97,0.085,3.055,0.17,3.14,0.255,3.225,0.34,3.31,0.425,3.395,0.51,3.4775,0.595,3.5625,0.68,3.6475,0.765,3.7325,0.85,3.8175,0.935,3.9025,1.0175,3.9875,1.1025,4.0725,1.1875,4.1575,1.2725,4.2425,1.3575,4.3275,1.4425,4.4125,1.5275,4.4975,1.6125,4.5825,1.6975,4.6675,1.7825,4.75,1.8675,4.835,1.9525,4.92,2.0375,5.005,2.1225,5.09,2.205,5.175,2.29,5.26,2.375,5.345,2.46,5.43,2.545,5.515,2.63,5.6,2.715,5.685,2.8],
"ImageOrientationPatientDICOM":[0.997752,-0.0596931,-0.0304624,0.0519407,0.976029,-0.211351],
"ImageOrientationText":"Tra>Cor(-12.1)>Sag(-2.4)",
"InPlanePhaseEncodingDirectionDICOM":"COL",
"ConversionSoftware":"dcm2niix",
"ConversionSoftwareVersion":"v1.0.20211006",
"Dcm2bidsVersion":"2.1.6",
"TaskName":"3dmotion"}