{"Modality":"MR",
"MagneticFieldStrength":3,
"ImagingFrequency":123.203,
"Manufacturer":"Siemens",
"ManufacturersModelName":"Prisma",
"InstitutionName":"NYU AD",
"InstitutionalDepartmentName":"Department",
"InstitutionAddress":"Street StreetNo,Abu Dhabi,Saadyiat Island,AE,ZIP",
"DeviceSerialNumber":"166043",
"StationName":"AWP166043",
"BodyPartExamined":"BRAIN",
"PatientPosition":"HFS",
"ProcedureStepDescription":"Sub0202_BR_3D_Motion",
"SoftwareVersions":"syngo MR E11",
"MRAcquisitionType":"2D",
"SeriesDescription":"09_cmrr_mbepi_s4_2mm_68sl_PA_task_SBRef",
"ProtocolName":"09_cmrr_mbepi_s4_2mm_68sl_PA_task",
"ScanningSequence":"EP",
"SequenceVariant":"SK\\SS",
"ScanOptions":"FS",
"SequenceName":"epfid2d1_104",
"ImageType":["ORIGINAL",
"PRIMARY",
"M",
"ND",
"MOSAIC"],
"SeriesNumber":27,
"AcquisitionTime":"14:00:16.097500",
"AcquisitionNumber":1,
"ImageComments":"Single-band reference",
"SliceThickness":2,
"SpacingBetweenSlices":2,
"SAR":0.0486928,
"EchoTime":0.038,
"RepetitionTime":1.5,
"FlipAngle":68,
"PartialFourier":1,
"BaseResolution":104,
"ShimSetting":[-3028,-11032,7074,502,-69,-127,-36,45],
"TxRefAmp":205.68,
"PhaseResolution":1,
"VendorReportedEchoSpacing":0.00059,
"ReceiveCoilName":"HeadNeck_64",
"ReceiveCoilActiveElements":"HC1-7",
"PulseSequenceDetails":"%CustomerSeq%\\cmrr_mbep2d_bold",
"WipMemBlock":"bb49bad1-1e41-49cf-a452-91c372baa581||Sequence: R016 ve11c/master r/e634e98; Dec 19 2017 11:00:25 by eja",
"CoilCombinationMethod":"Sum of Squares",
"ConsistencyInfo":"N4_VE11C_LATEST_20160120",
"MatrixCoilMode":"SENSE",
"PercentPhaseFOV":100,
"PercentSampling":100,
"EchoTrainLength":104,
"PhaseEncodingSteps":104,
"AcquisitionMatrixPE":104,
"ReconMatrixPE":104,
"BandwidthPerPixelPhaseEncode":16.297,
"EffectiveEchoSpacing":0.000590009,
"DerivedVendorReportedEchoSpacing":0.000590009,
"TotalReadoutTime":0.060771,
"PixelBandwidth":2290,
"DwellTime":2.1E-6,
"PhaseEncodingDirection":"j",
"SliceTiming":[0,0.085,0.1725,0.26,0.3475,0.435,0.5225,0.6075,0.695,0.7825,0.87,0.9575,1.0425,1.13,1.2175,1.305,1.3925,1.48,1.565,1.6525,1.74,1.8275,1.915,2,2.0875,2.175,2.2625,2.35,2.4375,2.5225,2.61,2.6975,2.785,2.8725,2.9575,3.045,3.1325,3.22,3.3075,3.395,3.48,3.5675,3.655,3.7425,3.83,3.915,4.0025,4.09,4.1775,4.265,4.3525,4.4375,4.525,4.6125,4.7,4.7875,4.875,4.96,5.0475,5.135,5.2225,5.31,5.395,5.4825,5.57,5.6575,5.745,5.8325],
"ImageOrientationPatientDICOM":[0.994756,0.0995618,-0.0234251,-0.101921,0.984101,-0.145458],
"ImageOrientationText":"Tra>Cor(-8.5)>Sag(-0.5)",
"InPlanePhaseEncodingDirectionDICOM":"COL",
"ConversionSoftware":"dcm2niix",
"ConversionSoftwareVersion":"v1.0.20211006",
"Dcm2bidsVersion":"2.1.6",
"TaskName":"3dmotion"}