{
    "Modality": "MR",
    "MagneticFieldStrength": 3,
    "ImagingFrequency": 123.203,
    "Manufacturer": "Siemens",
    "ManufacturersModelName": "Prisma",
    "InstitutionName": "NYU AD",
    "InstitutionalDepartmentName": "Department",
    "InstitutionAddress": "Street StreetNo,Abu Dhabi,Saadyiat Island,AE,ZIP",
    "DeviceSerialNumber": "166043",
    "StationName": "AWP166043",
    "BodyPartExamined": "BRAIN",
    "PatientPosition": "HFS",
    "ProcedureStepDescription": "Bas Rokers^Studies 2020",
    "SoftwareVersions": "syngo MR E11",
    "MRAcquisitionType": "3D",
    "SeriesDescription": "T1w_MPR",
    "ProtocolName": "T1w_MPR",
    "ScanningSequence": "GR\\IR",
    "SequenceVariant": "SK\\SP\\MP",
    "ScanOptions": "IR\\WE",
    "SequenceName": "*tfl3d1_16ns",
    "ImageType": [
        "ORIGINAL",
        "PRIMARY",
        "M",
        "ND"
    ],
    "SeriesNumber": 29,
    "AcquisitionTime": "10:39:23.515000",
    "AcquisitionNumber": 1,
    "SliceThickness": 0.8,
    "SAR": 0.0396709,
    "EchoTime": 0.00222,
    "RepetitionTime": 2.4,
    "SpoilingState": true,
    "InversionTime": 1,
    "FlipAngle": 8,
    "PartialFourier": 1,
    "BaseResolution": 320,
    "ShimSetting": [
        -3015,
        -11130,
        7131,
        393,
        -74,
        -652,
        5,
        18
    ],
    "TxRefAmp": 234.62,
    "PhaseResolution": 1,
    "ReceiveCoilName": "HeadNeck_64",
    "ReceiveCoilActiveElements": "HC1-7;NC1,2",
    "PulseSequenceDetails": "%SiemensSeq%\\tfl",
    "RefLinesPE": 32,
    "CoilCombinationMethod": "Adaptive Combine",
    "ConsistencyInfo": "N4_VE11C_LATEST_20160120",
    "MatrixCoilMode": "GRAPPA",
    "PercentPhaseFOV": 93.75,
    "PercentSampling": 100,
    "PhaseEncodingSteps": 299,
    "AcquisitionMatrixPE": 300,
    "ReconMatrixPE": 300,
    "ParallelReductionFactorInPlane": 2,
    "PixelBandwidth": 220,
    "DwellTime": 7.1e-06,
    "ImageOrientationPatientDICOM": [
        -0.00829131,
        0.996296,
        0.0855907,
        0.00098049,
        0.0856017,
        -0.996329
    ],
    "ImageOrientationText": "Sag>Cor(-0.5)>Tra(-0.1)",
    "InPlanePhaseEncodingDirectionDICOM": "ROW",
    "ConversionSoftware": "dcm2niix",
    "ConversionSoftwareVersion": "v1.0.20211006",
    "Dcm2bidsVersion": "2.1.6"
}