{
    "Modality": "MR",
    "MagneticFieldStrength": 3,
    "ImagingFrequency": 123.191,
    "Manufacturer": "Siemens",
    "ManufacturersModelName": "Prisma",
    "InstitutionName": "NYU - CBI",
    "InstitutionalDepartmentName": "Department",
    "InstitutionAddress": "Washington Place 6,NYC,NYC,US,10003",
    "DeviceSerialNumber": "166018",
    "StationName": "AWP166018",
    "BodyPartExamined": "BRAIN",
    "PatientPosition": "HFS",
    "ProcedureStepDescription": "Investigators^Rokers",
    "SoftwareVersions": "syngo MR E11",
    "MRAcquisitionType": "3D",
    "SeriesDescription": "T1w_MPR",
    "ProtocolName": "T1w_MPR",
    "ScanningSequence": "GR\\IR",
    "SequenceVariant": "SK\\SP\\MP",
    "ScanOptions": "IR\\WE",
    "SequenceName": "*tfl3d1_16ns",
    "ImageType": [
        "ORIGINAL",
        "PRIMARY",
        "M",
        "ND"
    ],
    "SeriesNumber": 5,
    "AcquisitionTime": "13:57:50.982500",
    "AcquisitionNumber": 1,
    "SliceThickness": 0.8,
    "SAR": 0.0368047,
    "EchoTime": 0.00222,
    "RepetitionTime": 2.4,
    "SpoilingState": true,
    "InversionTime": 1,
    "FlipAngle": 8,
    "PartialFourier": 1,
    "BaseResolution": 320,
    "ShimSetting": [
        239,
        -12600,
        -8620,
        41,
        -50,
        -211,
        -119,
        65
    ],
    "TxRefAmp": 205.94,
    "PhaseResolution": 1,
    "ReceiveCoilName": "HeadNeck_64",
    "ReceiveCoilActiveElements": "HC1-7;NC1,2",
    "PulseSequenceDetails": "%SiemensSeq%\\tfl",
    "RefLinesPE": 32,
    "CoilCombinationMethod": "Adaptive Combine",
    "ConsistencyInfo": "N4_VE11C_LATEST_20160120",
    "MatrixCoilMode": "GRAPPA",
    "PercentPhaseFOV": 93.75,
    "PercentSampling": 100,
    "PhaseEncodingSteps": 299,
    "AcquisitionMatrixPE": 300,
    "ReconMatrixPE": 300,
    "ParallelReductionFactorInPlane": 2,
    "PixelBandwidth": 220,
    "DwellTime": 7.1e-06,
    "ImageOrientationPatientDICOM": [
        -0.0264485,
        0.951549,
        0.306356,
        -0.0135569,
        0.306094,
        -0.951905
    ],
    "ImageOrientationText": "Sag>Cor(-1.7)>Tra(0.3)",
    "InPlanePhaseEncodingDirectionDICOM": "ROW",
    "ConversionSoftware": "dcm2niix",
    "ConversionSoftwareVersion": "v1.0.20211006",
    "Dcm2bidsVersion": "2.1.6"
}