{"Modality":"MR",
"MagneticFieldStrength":3,
"ImagingFrequency":123.203,
"Manufacturer":"Siemens",
"ManufacturersModelName":"Prisma",
"InstitutionName":"NYU AD",
"InstitutionalDepartmentName":"Department",
"InstitutionAddress":"Street StreetNo,Abu Dhabi,Saadyiat Island,AE,ZIP",
"DeviceSerialNumber":"166043",
"StationName":"AWP166043",
"BodyPartExamined":"BRAIN",
"PatientPosition":"HFS",
"ProcedureStepDescription":"Bas Roker^Studies 2020",
"SoftwareVersions":"syngo MR E11",
"MRAcquisitionType":"2D",
"SeriesDescription":"FMRI_DISTORTION_AP_2mm_66sl",
"ProtocolName":"FMRI_DISTORTION_AP_2mm_66sl",
"ScanningSequence":"EP",
"SequenceVariant":"SK",
"ScanOptions":"PFP\\FS",
"SequenceName":"epse2d1_104",
"ImageType":["ORIGINAL",
"PRIMARY",
"M",
"ND",
"MOSAIC"],
"SeriesNumber":9,
"AcquisitionTime":"11:11:19.732500",
"AcquisitionNumber":1,
"SliceThickness":2,
"SpacingBetweenSlices":2,
"SAR":0.148532,
"EchoTime":0.0512,
"RepetitionTime":6.35,
"FlipAngle":90,
"PartialFourier":0.875,
"BaseResolution":104,
"ShimSetting":[-3014,-11034,7083,397,-84,-7,27,8],
"TxRefAmp":245.013,
"PhaseResolution":1,
"ReceiveCoilName":"HeadNeck_64",
"ReceiveCoilActiveElements":"HC1-7;NC1,2",
"PulseSequenceDetails":"%CustomerSeq%\\cmrr_mbep2d_se",
"WipMemBlock":"27ce6aa0-e133-43b9-b2f5-0530aa127188||Sequence: R016 ve11c/master r/e634e98; Dec 19 2017 11:22:56 by eja",
"CoilCombinationMethod":"Sum of Squares",
"ConsistencyInfo":"N4_VE11C_LATEST_20160120",
"MatrixCoilMode":"SENSE",
"PercentPhaseFOV":100,
"PercentSampling":100,
"EchoTrainLength":91,
"PhaseEncodingSteps":91,
"AcquisitionMatrixPE":104,
"ReconMatrixPE":104,
"BandwidthPerPixelPhaseEncode":16.297,
"EffectiveEchoSpacing":0.000590009,
"DerivedVendorReportedEchoSpacing":0.000590009,
"TotalReadoutTime":0.060771,
"PixelBandwidth":2290,
"DwellTime":2.1E-6,
"PhaseEncodingDirection":"j-",
"SliceTiming":[3.165,0,3.26,0.095,3.355,0.1925,3.4525,0.2875,3.5475,0.3825,3.645,0.48,3.74,0.575,3.835,0.67,3.9325,0.7675,4.0275,0.8625,4.1225,0.9575,4.22,1.055,4.315,1.15,4.41,1.2475,4.5075,1.3425,4.6025,1.4375,4.7,1.535,4.795,1.63,4.89,1.725,4.9875,1.8225,5.0825,1.9175,5.1775,2.0125,5.275,2.11,5.37,2.205,5.465,2.3025,5.5625,2.3975,5.6575,2.4925,5.7525,2.59,5.85,2.685,5.945,2.78,6.0425,2.8775,6.1375,2.9725,6.2325,3.0675],
"ImageOrientationPatientDICOM":[0.998732,0.0475697,0.0165037,-0.039764,0.946231,-0.32104],
"ImageOrientationText":"Tra>Cor(-18.7)>Sag(1.8)",
"InPlanePhaseEncodingDirectionDICOM":"COL",
"ConversionSoftware":"dcm2niix",
"ConversionSoftwareVersion":"v1.0.20211006",
"Dcm2bidsVersion":"2.1.6",
"IntendedFor":["ses-01/func/sub-0201_ses-01_task-3dmotion_run-01_bold.nii.gz",
"ses-01/func/sub-0201_ses-01_task-3dmotion_run-01_sbref.nii.gz",
"ses-01/func/sub-0201_ses-01_task-3dmotion_run-02_bold.nii.gz",
"ses-01/func/sub-0201_ses-01_task-3dmotion_run-02_sbref.nii.gz",
"ses-01/func/sub-0201_ses-01_task-3dmotion_run-03_bold.nii.gz",
"ses-01/func/sub-0201_ses-01_task-3dmotion_run-03_sbref.nii.gz",
"ses-01/func/sub-0201_ses-01_task-3dmotion_run-04_bold.nii.gz",
"ses-01/func/sub-0201_ses-01_task-3dmotion_run-04_sbref.nii.gz",
"ses-01/func/sub-0201_ses-01_task-3dmotion_run-05_bold.nii.gz",
"ses-01/func/sub-0201_ses-01_task-3dmotion_run-05_sbref.nii.gz",
"ses-01/func/sub-0201_ses-01_task-3dmotion_run-06_bold.nii.gz",
"ses-01/func/sub-0201_ses-01_task-3dmotion_run-06_sbref.nii.gz",
"ses-01/func/sub-0201_ses-01_task-3dmotion_run-07_bold.nii.gz",
"ses-01/func/sub-0201_ses-01_task-3dmotion_run-07_sbref.nii.gz",
"ses-01/func/sub-0201_ses-01_task-3dmotion_run-08_bold.nii.gz",
"ses-01/func/sub-0201_ses-01_task-3dmotion_run-08_sbref.nii.gz",
"ses-01/func/sub-0201_ses-01_task-3dmotion_run-09_bold.nii.gz",
"ses-01/func/sub-0201_ses-01_task-3dmotion_run-09_sbref.nii.gz",
"ses-01/func/sub-0201_ses-01_task-3dmotion_run-10_bold.nii.gz",
"ses-01/func/sub-0201_ses-01_task-3dmotion_run-10_sbref.nii.gz"],
"TaskName":"3dmotion"}