{"Modality":"MR",
"MagneticFieldStrength":3,
"ImagingFrequency":123.191,
"Manufacturer":"Siemens",
"ManufacturersModelName":"Prisma",
"InstitutionName":"NYU - CBI",
"InstitutionalDepartmentName":"Department",
"InstitutionAddress":"Washington Place 6,NYC,NYC,US,10003",
"DeviceSerialNumber":"166018",
"StationName":"AWP166018",
"BodyPartExamined":"BRAIN",
"PatientPosition":"HFS",
"ProcedureStepDescription":"Investigators^Rokers",
"SoftwareVersions":"syngo MR E11",
"MRAcquisitionType":"2D",
"SeriesDescription":"SBREF_cmrr_mbepi_s4_2mm_68sl_PA_task-prf",
"ProtocolName":"SBREF_cmrr_mbepi_s4_2mm_68sl_PA_task-prf",
"ScanningSequence":"EP",
"SequenceVariant":"SK\\SS",
"ScanOptions":"FS",
"SequenceName":"epfid2d1_104",
"ImageType":["ORIGINAL",
"PRIMARY",
"M",
"ND",
"MOSAIC"],
"SeriesNumber":39,
"AcquisitionTime":"14:11:57.915000",
"AcquisitionNumber":1,
"SliceThickness":2,
"SpacingBetweenSlices":2,
"SAR":0.0218029,
"EchoTime":0.038,
"RepetitionTime":5.789,
"FlipAngle":68,
"PartialFourier":1,
"BaseResolution":104,
"ShimSetting":[261,-12663,-8533,234,-51,-323,-181,-9],
"TxRefAmp":203.607,
"PhaseResolution":1,
"VendorReportedEchoSpacing":0.00059,
"ReceiveCoilName":"HeadNeck_64",
"ReceiveCoilActiveElements":"HC1-7",
"PulseSequenceDetails":"%CustomerSeq%\\cmrr_mbep2d_bold",
"WipMemBlock":"8e681dd9-d55c-485c-96b2-df438b413295||Sequence: R016 ve11c/master r/8780670; Nov 27 2017 15:05:12 by eja",
"CoilCombinationMethod":"Sum of Squares",
"ConsistencyInfo":"N4_VE11C_LATEST_20160120",
"MatrixCoilMode":"SENSE",
"PercentPhaseFOV":100,
"PercentSampling":100,
"EchoTrainLength":104,
"PhaseEncodingSteps":104,
"AcquisitionMatrixPE":104,
"ReconMatrixPE":104,
"BandwidthPerPixelPhaseEncode":16.297,
"EffectiveEchoSpacing":0.000590009,
"DerivedVendorReportedEchoSpacing":0.000590009,
"TotalReadoutTime":0.060771,
"PixelBandwidth":2290,
"DwellTime":2.1E-6,
"PhaseEncodingDirection":"j",
"SliceTiming":[2.885,0,2.97,0.085,3.055,0.17,3.14,0.255,3.225,0.34,3.3075,0.425,3.3925,0.51,3.4775,0.595,3.5625,0.68,3.6475,0.7625,3.7325,0.8475,3.8175,0.9325,3.9025,1.0175,3.9875,1.1025,4.0725,1.1875,4.1575,1.2725,4.2425,1.3575,4.3275,1.4425,4.4125,1.5275,4.495,1.6125,4.58,1.6975,4.665,1.7825,4.75,1.8675,4.835,1.9525,4.92,2.035,5.005,2.12,5.09,2.205,5.175,2.29,5.26,2.375,5.345,2.46,5.43,2.545,5.515,2.63,5.6,2.715,5.685,2.8],
"ImageOrientationPatientDICOM":[0.999338,0.034726,0.0108389,-0.0357709,0.992241,0.119071],
"ImageOrientationText":"Tra>Cor(6.9)>Sag(0.4)",
"InPlanePhaseEncodingDirectionDICOM":"COL",
"ConversionSoftware":"dcm2niix",
"ConversionSoftwareVersion":"v1.0.20211006",
"Dcm2bidsVersion":"2.1.6",
"TaskName":"3dmotion"}