{"Modality":"MR",
"MagneticFieldStrength":3,
"ImagingFrequency":123.191,
"Manufacturer":"Siemens",
"ManufacturersModelName":"Prisma",
"InstitutionName":"NYU - CBI",
"InstitutionalDepartmentName":"Department",
"InstitutionAddress":"Washington Place 6,NYC,NYC,US,10003",
"DeviceSerialNumber":"166018",
"StationName":"AWP166018",
"BodyPartExamined":"BRAIN",
"PatientPosition":"HFS",
"ProcedureStepDescription":"Investigators^Rokers",
"SoftwareVersions":"syngo MR E11",
"MRAcquisitionType":"2D",
"SeriesDescription":"cmrr_mbepi_s4_2mm_68sl_PA_task",
"ProtocolName":"cmrr_mbepi_s4_2mm_68sl_PA_task",
"ScanningSequence":"EP",
"SequenceVariant":"SK\\SS",
"ScanOptions":"FS",
"SequenceName":"epfid2d1_104",
"ImageType":["ORIGINAL",
"PRIMARY",
"M",
"MB",
"ND",
"MOSAIC"],
"SeriesNumber":50,
"AcquisitionTime":"16:35:18.262500",
"AcquisitionNumber":1,
"ImageComments":"Unaliased MB4/PE3/LB",
"SliceThickness":2,
"SpacingBetweenSlices":2,
"SAR":0.0494595,
"EchoTime":0.038,
"RepetitionTime":1.5,
"FlipAngle":68,
"PartialFourier":1,
"BaseResolution":104,
"ShimSetting":[275,-12660,-8529,331,67,-238,-105,-41],
"TxRefAmp":203.133,
"PhaseResolution":1,
"VendorReportedEchoSpacing":0.00059,
"ReceiveCoilName":"HeadNeck_64",
"ReceiveCoilActiveElements":"HC1-7",
"PulseSequenceDetails":"%CustomerSeq%\\cmrr_mbep2d_bold",
"WipMemBlock":"f85eae7a-8826-4b1c-92b7-9f7e2a2c52aa||Sequence: R016 ve11c/master r/8780670; Nov 27 2017 15:05:12 by eja",
"CoilCombinationMethod":"Sum of Squares",
"ConsistencyInfo":"N4_VE11C_LATEST_20160120",
"MatrixCoilMode":"SENSE",
"MultibandAccelerationFactor":4,
"PercentPhaseFOV":100,
"PercentSampling":100,
"EchoTrainLength":104,
"PhaseEncodingSteps":104,
"AcquisitionMatrixPE":104,
"ReconMatrixPE":104,
"BandwidthPerPixelPhaseEncode":16.297,
"EffectiveEchoSpacing":0.000590009,
"DerivedVendorReportedEchoSpacing":0.000590009,
"TotalReadoutTime":0.060771,
"PixelBandwidth":2290,
"DwellTime":2.1E-6,
"PhaseEncodingDirection":"j",
"SliceTiming":[0,0.785,0.0875,0.8725,0.175,0.96,0.2625,1.045,0.35,1.1325,0.4375,1.22,0.5225,1.3075,0.61,1.395,0.6975,0,0.785,0.0875,0.8725,0.175,0.96,0.2625,1.045,0.35,1.1325,0.4375,1.22,0.5225,1.3075,0.61,1.395,0.6975,0,0.785,0.0875,0.8725,0.175,0.96,0.2625,1.045,0.35,1.1325,0.4375,1.22,0.5225,1.3075,0.61,1.395,0.6975,0,0.785,0.0875,0.8725,0.175,0.96,0.2625,1.045,0.35,1.1325,0.4375,1.22,0.5225,1.3075,0.61,1.395,0.6975],
"ImageOrientationPatientDICOM":[0.999001,0.0434122,0.0106136,-0.043792,0.998293,0.0386474],
"ImageOrientationText":"Tra>Cor(2.2)>Sag(0.5)",
"InPlanePhaseEncodingDirectionDICOM":"COL",
"ConversionSoftware":"dcm2niix",
"ConversionSoftwareVersion":"v1.0.20211006",
"Dcm2bidsVersion":"2.1.6",
"TaskName":"3dmotion"}