{"Modality":"MR",
"MagneticFieldStrength":3,
"ImagingFrequency":123.204,
"Manufacturer":"Siemens",
"ManufacturersModelName":"Prisma",
"InstitutionName":"NYU AD",
"InstitutionalDepartmentName":"Department",
"InstitutionAddress":"Street StreetNo,Abu Dhabi,Saadyiat Island,AE,ZIP",
"DeviceSerialNumber":"166043",
"StationName":"AWP166043",
"BodyPartExamined":"BRAIN",
"PatientPosition":"HFS",
"ProcedureStepDescription":"Caterina^3DMotion",
"SoftwareVersions":"syngo MR E11",
"MRAcquisitionType":"2D",
"SeriesDescription":"func-bold_task-3dmotion_run-03",
"ProtocolName":"func-bold_task-3dmotion_run-03",
"ScanningSequence":"EP",
"SequenceVariant":"SK\\SS",
"ScanOptions":"FS",
"SequenceName":"epfid2d1_104",
"ImageType":["ORIGINAL",
"PRIMARY",
"M",
"MB",
"ND",
"MOSAIC"],
"SeriesNumber":19,
"AcquisitionTime":"10:52:42.495000",
"AcquisitionNumber":1,
"ImageComments":"Unaliased MB4/PE3/LB",
"SliceThickness":2,
"SpacingBetweenSlices":2,
"SAR":0.0566496,
"EchoTime":0.038,
"RepetitionTime":1.5,
"FlipAngle":68,
"PartialFourier":1,
"BaseResolution":104,
"ShimSetting":[-3014,-11111,7146,374,-72,-261,117,38],
"TxRefAmp":233.805,
"PhaseResolution":1,
"VendorReportedEchoSpacing":0.00059,
"ReceiveCoilName":"HeadNeck_64",
"ReceiveCoilActiveElements":"HC1-7",
"PulseSequenceDetails":"%CustomerSeq%\\cmrr_mbep2d_bold",
"WipMemBlock":"00b6d5b5-0a3d-48e1-b703-4356d01a08db||Sequence: R016 ve11c/master r/e634e98; Dec 19 2017 11:00:25 by eja",
"CoilCombinationMethod":"Sum of Squares",
"ConsistencyInfo":"N4_VE11C_LATEST_20160120",
"MatrixCoilMode":"SENSE",
"MultibandAccelerationFactor":4,
"PercentPhaseFOV":100,
"PercentSampling":100,
"EchoTrainLength":104,
"PhaseEncodingSteps":104,
"AcquisitionMatrixPE":104,
"ReconMatrixPE":104,
"BandwidthPerPixelPhaseEncode":16.297,
"EffectiveEchoSpacing":0.000590009,
"DerivedVendorReportedEchoSpacing":0.000590009,
"TotalReadoutTime":0.060771,
"PixelBandwidth":2290,
"DwellTime":2.1E-6,
"PhaseEncodingDirection":"j",
"SliceTiming":[0,0.785,0.0875,0.87,0.175,0.9575,0.2625,1.045,0.35,1.1325,0.435,1.22,0.5225,1.3075,0.61,1.3925,0.6975,0,0.785,0.0875,0.87,0.175,0.9575,0.2625,1.045,0.35,1.1325,0.435,1.22,0.5225,1.3075,0.61,1.3925,0.6975,0,0.785,0.0875,0.87,0.175,0.9575,0.2625,1.045,0.35,1.1325,0.435,1.22,0.5225,1.3075,0.61,1.3925,0.6975,0,0.785,0.0875,0.87,0.175,0.9575,0.2625,1.045,0.35,1.1325,0.435,1.22,0.5225,1.3075,0.61,1.3925,0.6975],
"ImageOrientationPatientDICOM":[0.999123,0.0417433,0.00336054,-0.0418756,0.994912,0.0916276],
"ImageOrientationText":"Tra>Cor(5.3)>Sag(-0.0)",
"InPlanePhaseEncodingDirectionDICOM":"COL",
"ConversionSoftware":"dcm2niix",
"ConversionSoftwareVersion":"v1.0.20211006",
"Dcm2bidsVersion":"2.1.6",
"TaskName":"3dmotion"}