{"Modality":"MR",
"MagneticFieldStrength":3,
"ImagingFrequency":123.203,
"Manufacturer":"Siemens",
"ManufacturersModelName":"Prisma",
"InstitutionName":"NYU AD",
"InstitutionalDepartmentName":"Department",
"InstitutionAddress":"Street StreetNo,Abu Dhabi,Saadyiat Island,AE,ZIP",
"DeviceSerialNumber":"166043",
"StationName":"AWP166043",
"BodyPartExamined":"BRAIN",
"PatientPosition":"HFS",
"ProcedureStepDescription":"Sub0229_02_BR_3D_Motion",
"SoftwareVersions":"syngo MR E11",
"MRAcquisitionType":"2D",
"SeriesDescription":"func-bold_task-3dmotion_run-06_SBRef",
"ProtocolName":"func-bold_task-3dmotion_run-06",
"ScanningSequence":"EP",
"SequenceVariant":"SK\\SS",
"ScanOptions":"FS",
"SequenceName":"epfid2d1_104",
"ImageType":["ORIGINAL",
"PRIMARY",
"M",
"ND",
"MOSAIC"],
"SeriesNumber":20,
"AcquisitionTime":"13:01:7.805000",
"AcquisitionNumber":1,
"ImageComments":"Single-band reference",
"SliceThickness":2,
"SpacingBetweenSlices":2,
"SAR":0.0586524,
"EchoTime":0.038,
"RepetitionTime":1.5,
"FlipAngle":68,
"PartialFourier":1,
"BaseResolution":104,
"ShimSetting":[-2979,-11117,7153,460,84,-118,176,-92],
"TxRefAmp":239.452,
"PhaseResolution":1,
"VendorReportedEchoSpacing":0.00059,
"ReceiveCoilName":"HeadNeck_64",
"ReceiveCoilActiveElements":"HC1-7",
"PulseSequenceDetails":"%CustomerSeq%\\cmrr_mbep2d_bold",
"WipMemBlock":"5b9be8a6-38b7-4fa9-9c5f-f72998d8f9b9||Sequence: R016 ve11c/master r/e634e98; Dec 19 2017 11:00:25 by eja",
"CoilCombinationMethod":"Sum of Squares",
"ConsistencyInfo":"N4_VE11C_LATEST_20160120",
"MatrixCoilMode":"SENSE",
"PercentPhaseFOV":100,
"PercentSampling":100,
"EchoTrainLength":104,
"PhaseEncodingSteps":104,
"AcquisitionMatrixPE":104,
"ReconMatrixPE":104,
"BandwidthPerPixelPhaseEncode":16.297,
"EffectiveEchoSpacing":0.000590009,
"DerivedVendorReportedEchoSpacing":0.000590009,
"TotalReadoutTime":0.060771,
"PixelBandwidth":2290,
"DwellTime":2.1E-6,
"PhaseEncodingDirection":"j",
"SliceTiming":[0,0.0875,0.1725,0.26,0.3475,0.435,0.5225,0.6075,0.695,0.7825,0.87,0.9575,1.045,1.13,1.2175,1.305,1.3925,1.48,1.5675,1.6525,1.74,1.8275,1.915,2.0025,2.0875,2.175,2.2625,2.35,2.4375,2.525,2.61,2.6975,2.785,2.8725,2.96,3.045,3.1325,3.22,3.3075,3.395,3.4825,3.5675,3.655,3.7425,3.83,3.9175,4.0025,4.09,4.1775,4.265,4.3525,4.44,4.525,4.6125,4.7,4.7875,4.875,4.96,5.0475,5.135,5.2225,5.31,5.3975,5.4825,5.57,5.6575,5.745,5.8325],
"ImageOrientationPatientDICOM":[0.994626,0.0467888,0.0923582,-0.0456876,0.998858,-0.0140034],
"ImageOrientationText":"Tra>Sag(5.3)>Cor(-0.6)",
"InPlanePhaseEncodingDirectionDICOM":"COL",
"ConversionSoftware":"dcm2niix",
"ConversionSoftwareVersion":"v1.0.20211006",
"Dcm2bidsVersion":"2.1.6",
"TaskName":"3dmotion"}