{"Modality":"MR",
"MagneticFieldStrength":3,
"ImagingFrequency":123.203,
"Manufacturer":"Siemens",
"ManufacturersModelName":"Prisma",
"InstitutionName":"NYU AD",
"InstitutionalDepartmentName":"Department",
"InstitutionAddress":"Street StreetNo,Abu Dhabi,Saadyiat Island,AE,ZIP",
"DeviceSerialNumber":"166043",
"StationName":"AWP166043",
"BodyPartExamined":"BRAIN",
"PatientPosition":"HFS",
"ProcedureStepDescription":"Caterina^3DMotion",
"SoftwareVersions":"syngo MR E11",
"MRAcquisitionType":"2D",
"SeriesDescription":"func-bold_task-3dmotion_run-01_SBRef",
"ProtocolName":"func-bold_task-3dmotion_run-01",
"ScanningSequence":"EP",
"SequenceVariant":"SK\\SS",
"ScanOptions":"FS",
"SequenceName":"epfid2d1_104",
"ImageType":["ORIGINAL",
"PRIMARY",
"M",
"ND",
"MOSAIC"],
"SeriesNumber":9,
"AcquisitionTime":"13:11:21.262500",
"AcquisitionNumber":1,
"ImageComments":"Single-band reference",
"SliceThickness":2,
"SpacingBetweenSlices":2,
"SAR":0.0661061,
"EchoTime":0.038,
"RepetitionTime":1.5,
"FlipAngle":68,
"PartialFourier":1,
"BaseResolution":104,
"ShimSetting":[-3015,-11132,7121,326,-59,-144,0,24],
"TxRefAmp":228.438,
"PhaseResolution":1,
"VendorReportedEchoSpacing":0.00059,
"ReceiveCoilName":"HeadNeck_64",
"ReceiveCoilActiveElements":"HC1-7",
"PulseSequenceDetails":"%CustomerSeq%\\cmrr_mbep2d_bold",
"WipMemBlock":"31c17445-369d-4960-a01d-86f90ee7cb3b||Sequence: R016 ve11c/master r/e634e98; Dec 19 2017 11:00:25 by eja",
"CoilCombinationMethod":"Sum of Squares",
"ConsistencyInfo":"N4_VE11C_LATEST_20160120",
"MatrixCoilMode":"SENSE",
"PercentPhaseFOV":100,
"PercentSampling":100,
"EchoTrainLength":104,
"PhaseEncodingSteps":104,
"AcquisitionMatrixPE":104,
"ReconMatrixPE":104,
"BandwidthPerPixelPhaseEncode":16.297,
"EffectiveEchoSpacing":0.000590009,
"DerivedVendorReportedEchoSpacing":0.000590009,
"TotalReadoutTime":0.060771,
"PixelBandwidth":2290,
"DwellTime":2.1E-6,
"PhaseEncodingDirection":"j",
"SliceTiming":[0,0.0875,0.175,0.26,0.3475,0.435,0.5225,0.61,0.6975,0.7825,0.87,0.9575,1.045,1.1325,1.2175,1.305,1.3925,1.48,1.5675,1.655,1.74,1.8275,1.915,2.0025,2.09,2.175,2.2625,2.35,2.4375,2.525,2.6125,2.6975,2.785,2.8725,2.96,3.0475,3.135,3.22,3.3075,3.395,3.4825,3.57,3.655,3.7425,3.83,3.9175,4.005,4.0925,4.1775,4.265,4.3525,4.44,4.5275,4.6125,4.7,4.7875,4.875,4.9625,5.05,5.135,5.2225,5.31,5.3975,5.485,5.57,5.6575,5.745,5.8325],
"ImageOrientationPatientDICOM":[0.999984,0.00545363,-0.00161944,-0.00558503,0.995266,-0.0970261],
"ImageOrientationText":"Tra>Cor(-5.6)>Sag(-0.1)",
"InPlanePhaseEncodingDirectionDICOM":"COL",
"ConversionSoftware":"dcm2niix",
"ConversionSoftwareVersion":"v1.0.20211006",
"Dcm2bidsVersion":"2.1.6",
"TaskName":"3dmotion"}