{"Modality":"MR",
"MagneticFieldStrength":3,
"ImagingFrequency":123.203,
"Manufacturer":"Siemens",
"ManufacturersModelName":"Prisma",
"InstitutionName":"NYU AD",
"InstitutionalDepartmentName":"Department",
"InstitutionAddress":"Street StreetNo,Abu Dhabi,Saadyiat Island,AE,ZIP",
"DeviceSerialNumber":"166043",
"StationName":"AWP166043",
"BodyPartExamined":"BRAIN",
"PatientPosition":"HFS",
"ProcedureStepDescription":"Sub202_02_BR_3D_Motion",
"SoftwareVersions":"syngo MR E11",
"MRAcquisitionType":"2D",
"SeriesDescription":"02_cmrr_mbepi_s4_2mm_68sl_PA_task",
"ProtocolName":"02_cmrr_mbepi_s4_2mm_68sl_PA_task",
"ScanningSequence":"EP",
"SequenceVariant":"SK\\SS",
"ScanOptions":"FS",
"SequenceName":"epfid2d1_104",
"ImageType":["ORIGINAL",
"PRIMARY",
"M",
"MB",
"ND",
"MOSAIC"],
"SeriesNumber":23,
"AcquisitionTime":"11:03:21.382500",
"AcquisitionNumber":1,
"ImageComments":"Unaliased MB4/PE3/LB",
"SliceThickness":2,
"SpacingBetweenSlices":2,
"SAR":0.0540908,
"EchoTime":0.038,
"RepetitionTime":1.5,
"FlipAngle":68,
"PartialFourier":1,
"BaseResolution":104,
"ShimSetting":[-3016,-11057,7132,471,-11,-58,27,74],
"TxRefAmp":208.644,
"PhaseResolution":1,
"VendorReportedEchoSpacing":0.00059,
"ReceiveCoilName":"HeadNeck_64",
"ReceiveCoilActiveElements":"HC1-7",
"PulseSequenceDetails":"%CustomerSeq%\\cmrr_mbep2d_bold",
"WipMemBlock":"7e6d9e82-e552-430a-972c-bee3f10bb475||Sequence: R016 ve11c/master r/e634e98; Dec 19 2017 11:00:25 by eja",
"CoilCombinationMethod":"Sum of Squares",
"ConsistencyInfo":"N4_VE11C_LATEST_20160120",
"MatrixCoilMode":"SENSE",
"MultibandAccelerationFactor":4,
"PercentPhaseFOV":100,
"PercentSampling":100,
"EchoTrainLength":104,
"PhaseEncodingSteps":104,
"AcquisitionMatrixPE":104,
"ReconMatrixPE":104,
"BandwidthPerPixelPhaseEncode":16.297,
"EffectiveEchoSpacing":0.000590009,
"DerivedVendorReportedEchoSpacing":0.000590009,
"TotalReadoutTime":0.060771,
"PixelBandwidth":2290,
"DwellTime":2.1E-6,
"PhaseEncodingDirection":"j",
"SliceTiming":[0,0.7825,0.0875,0.87,0.175,0.9575,0.2625,1.045,0.3475,1.1325,0.435,1.22,0.5225,1.305,0.61,1.3925,0.6975,0,0.7825,0.0875,0.87,0.175,0.9575,0.2625,1.045,0.3475,1.1325,0.435,1.22,0.5225,1.305,0.61,1.3925,0.6975,0,0.7825,0.0875,0.87,0.175,0.9575,0.2625,1.045,0.3475,1.1325,0.435,1.22,0.5225,1.305,0.61,1.3925,0.6975,0,0.7825,0.0875,0.87,0.175,0.9575,0.2625,1.045,0.3475,1.1325,0.435,1.22,0.5225,1.305,0.61,1.3925,0.6975],
"ImageOrientationPatientDICOM":[0.993957,0.108311,0.0178645,-0.108329,0.994115,7.50175E-5],
"ImageOrientationText":"Tra>Sag(1.0)>Cor(0.1)",
"InPlanePhaseEncodingDirectionDICOM":"COL",
"ConversionSoftware":"dcm2niix",
"ConversionSoftwareVersion":"v1.0.20211006",
"Dcm2bidsVersion":"2.1.6",
"TaskName":"3dmotion"}