{"Modality":"MR",
"MagneticFieldStrength":3,
"ImagingFrequency":123.203,
"Manufacturer":"Siemens",
"ManufacturersModelName":"Prisma",
"InstitutionName":"NYU AD",
"InstitutionalDepartmentName":"Department",
"InstitutionAddress":"Street StreetNo,Abu Dhabi,Saadyiat Island,AE,ZIP",
"DeviceSerialNumber":"166043",
"StationName":"AWP166043",
"BodyPartExamined":"BRAIN",
"PatientPosition":"HFS",
"ProcedureStepDescription":"Bas Roker^Studies 2020",
"SoftwareVersions":"syngo MR E11",
"MRAcquisitionType":"2D",
"SeriesDescription":"01_cmrr_mbepi_s4_2mm_66sl_PA_task-prf",
"ProtocolName":"01_cmrr_mbepi_s4_2mm_66sl_PA_task-prf",
"ScanningSequence":"EP",
"SequenceVariant":"SK\\SS",
"ScanOptions":"FS",
"SequenceName":"epfid2d1_104",
"ImageType":["ORIGINAL",
"PRIMARY",
"M",
"MB",
"ND",
"MOSAIC"],
"SeriesNumber":12,
"AcquisitionTime":"11:13:20.915000",
"AcquisitionNumber":1,
"ImageComments":"Unaliased MB4/PE3/LB",
"SliceThickness":2,
"SpacingBetweenSlices":2,
"SAR":0.0498205,
"EchoTime":0.038,
"RepetitionTime":1.5,
"FlipAngle":68,
"PartialFourier":1,
"BaseResolution":104,
"ShimSetting":[-3010,-11032,7085,400,-79,-9,18,19],
"TxRefAmp":245.013,
"PhaseResolution":1,
"VendorReportedEchoSpacing":0.00059,
"ReceiveCoilName":"HeadNeck_64",
"ReceiveCoilActiveElements":"HC1-7;NC1,2",
"PulseSequenceDetails":"%CustomerSeq%\\cmrr_mbep2d_bold",
"WipMemBlock":"ac502d1b-7702-4640-bedb-038c5ed1f0a5||Sequence: R016 ve11c/master r/e634e98; Dec 19 2017 11:00:25 by eja",
"CoilCombinationMethod":"Sum of Squares",
"ConsistencyInfo":"N4_VE11C_LATEST_20160120",
"MatrixCoilMode":"SENSE",
"MultibandAccelerationFactor":4,
"PercentPhaseFOV":100,
"PercentSampling":100,
"EchoTrainLength":104,
"PhaseEncodingSteps":104,
"AcquisitionMatrixPE":104,
"ReconMatrixPE":104,
"BandwidthPerPixelPhaseEncode":16.297,
"EffectiveEchoSpacing":0.000590009,
"DerivedVendorReportedEchoSpacing":0.000590009,
"TotalReadoutTime":0.060771,
"PixelBandwidth":2290,
"DwellTime":2.1E-6,
"PhaseEncodingDirection":"j",
"SliceTiming":[0,0.785,0.0875,0.8725,0.175,0.9575,0.2625,1.045,0.35,1.1325,0.435,1.22,0.5225,1.3075,0.61,1.3925,0.6975,0,0.785,0.0875,0.8725,0.175,0.9575,0.2625,1.045,0.35,1.1325,0.435,1.22,0.5225,1.3075,0.61,1.3925,0.6975,0,0.785,0.0875,0.8725,0.175,0.9575,0.2625,1.045,0.35,1.1325,0.435,1.22,0.5225,1.3075,0.61,1.3925,0.6975,0,0.785,0.0875,0.8725,0.175,0.9575,0.2625,1.045,0.35,1.1325,0.435,1.22,0.5225,1.3075,0.61,1.3925,0.6975],
"ImageOrientationPatientDICOM":[0.998732,0.0475697,0.0165037,-0.039764,0.946231,-0.32104],
"ImageOrientationText":"Tra>Cor(-18.7)>Sag(1.8)",
"InPlanePhaseEncodingDirectionDICOM":"COL",
"ConversionSoftware":"dcm2niix",
"ConversionSoftwareVersion":"v1.0.20211006",
"Dcm2bidsVersion":"2.1.6",
"TaskName":"3dmotion"}