{"Modality":"MR",
"MagneticFieldStrength":3,
"ImagingFrequency":123.191,
"Manufacturer":"Siemens",
"ManufacturersModelName":"Prisma",
"InstitutionName":"NYU - CBI",
"InstitutionalDepartmentName":"Department",
"InstitutionAddress":"Washington Place 6,NYC,NYC,US,10003",
"DeviceSerialNumber":"166018",
"StationName":"AWP166018",
"BodyPartExamined":"BRAIN",
"PatientPosition":"HFS",
"ProcedureStepDescription":"Investigators^Rokers",
"SoftwareVersions":"syngo MR E11",
"MRAcquisitionType":"2D",
"SeriesDescription":"SBREF_cmrr_mbepi_s4_2mm_68sl_PA_task-prf",
"ProtocolName":"SBREF_cmrr_mbepi_s4_2mm_68sl_PA_task-prf",
"ScanningSequence":"EP",
"SequenceVariant":"SK\\SS",
"ScanOptions":"FS",
"SequenceName":"epfid2d1_104",
"ImageType":["ORIGINAL",
"PRIMARY",
"M",
"ND",
"MOSAIC"],
"SeriesNumber":31,
"AcquisitionTime":"16:29:39.165000",
"AcquisitionNumber":1,
"SliceThickness":2,
"SpacingBetweenSlices":2,
"SAR":0.0233586,
"EchoTime":0.038,
"RepetitionTime":5.789,
"FlipAngle":68,
"PartialFourier":1,
"BaseResolution":104,
"ShimSetting":[265,-12628,-8593,468,-5,-229,-193,-68],
"TxRefAmp":240.05,
"PhaseResolution":1,
"VendorReportedEchoSpacing":0.00059,
"ReceiveCoilName":"HeadNeck_64",
"ReceiveCoilActiveElements":"HC1-7",
"PulseSequenceDetails":"%CustomerSeq%\\cmrr_mbep2d_bold",
"WipMemBlock":"b90aea0f-ab0f-4ca8-8f6b-ac98349716c6||Sequence: R016 ve11c/master r/8780670; Nov 27 2017 15:05:12 by eja",
"CoilCombinationMethod":"Sum of Squares",
"ConsistencyInfo":"N4_VE11C_LATEST_20160120",
"MatrixCoilMode":"SENSE",
"PercentPhaseFOV":100,
"PercentSampling":100,
"EchoTrainLength":104,
"PhaseEncodingSteps":104,
"AcquisitionMatrixPE":104,
"ReconMatrixPE":104,
"BandwidthPerPixelPhaseEncode":16.297,
"EffectiveEchoSpacing":0.000590009,
"DerivedVendorReportedEchoSpacing":0.000590009,
"TotalReadoutTime":0.060771,
"PixelBandwidth":2290,
"DwellTime":2.1E-6,
"PhaseEncodingDirection":"j",
"SliceTiming":[2.8825,0,2.9675,0.085,3.0525,0.1675,3.1375,0.2525,3.2225,0.3375,3.3075,0.4225,3.3925,0.5075,3.4775,0.5925,3.5625,0.6775,3.6475,0.7625,3.7325,0.8475,3.8175,0.9325,3.9025,1.0175,3.985,1.1025,4.07,1.1875,4.155,1.2725,4.24,1.3575,4.325,1.44,4.41,1.525,4.495,1.61,4.58,1.695,4.665,1.78,4.75,1.865,4.835,1.95,4.92,2.035,5.005,2.12,5.09,2.205,5.1725,2.29,5.2575,2.375,5.3425,2.46,5.4275,2.545,5.5125,2.63,5.5975,2.7125,5.6825,2.7975],
"ImageOrientationPatientDICOM":[0.999271,0.0345736,0.0161989,-0.0333238,0.996852,-0.0719353],
"ImageOrientationText":"Tra>Cor(-4.1)>Sag(1.1)",
"InPlanePhaseEncodingDirectionDICOM":"COL",
"ConversionSoftware":"dcm2niix",
"ConversionSoftwareVersion":"v1.0.20211006",
"Dcm2bidsVersion":"2.1.6",
"TaskName":"3dmotion"}