{"Modality":"MR",
"MagneticFieldStrength":3,
"ImagingFrequency":123.191,
"Manufacturer":"Siemens",
"ManufacturersModelName":"Prisma",
"InstitutionName":"NYU - CBI",
"InstitutionalDepartmentName":"Department",
"InstitutionAddress":"Washington Place 6,NYC,NYC,US,10003",
"DeviceSerialNumber":"166018",
"StationName":"AWP166018",
"BodyPartExamined":"BRAIN",
"PatientPosition":"HFS",
"ProcedureStepDescription":"Investigators^Rokers",
"SoftwareVersions":"syngo MR E11",
"MRAcquisitionType":"2D",
"SeriesDescription":"cmrr_mbepi_s4_2mm_68sl_PA_task",
"ProtocolName":"cmrr_mbepi_s4_2mm_68sl_PA_task",
"ScanningSequence":"EP",
"SequenceVariant":"SK\\SS",
"ScanOptions":"FS",
"SequenceName":"epfid2d1_104",
"ImageType":["ORIGINAL",
"PRIMARY",
"M",
"MB",
"ND",
"MOSAIC"],
"SeriesNumber":12,
"AcquisitionTime":"13:54:45.880000",
"AcquisitionNumber":1,
"ImageComments":"Unaliased MB4/PE3/LB",
"SliceThickness":2,
"SpacingBetweenSlices":2,
"SAR":0.0396596,
"EchoTime":0.038,
"RepetitionTime":1.5,
"FlipAngle":68,
"PartialFourier":1,
"BaseResolution":104,
"ShimSetting":[259,-12665,-8473,357,-93,-357,-150,-40],
"TxRefAmp":209.066,
"PhaseResolution":1,
"VendorReportedEchoSpacing":0.00059,
"ReceiveCoilName":"HeadNeck_64",
"ReceiveCoilActiveElements":"HC1-7",
"PulseSequenceDetails":"%CustomerSeq%\\cmrr_mbep2d_bold",
"WipMemBlock":"c99ad91f-c180-477d-ae13-7989d01a83a4||Sequence: R016 ve11c/master r/8780670; Nov 27 2017 15:05:12 by eja",
"CoilCombinationMethod":"Sum of Squares",
"ConsistencyInfo":"N4_VE11C_LATEST_20160120",
"MatrixCoilMode":"SENSE",
"MultibandAccelerationFactor":4,
"PercentPhaseFOV":100,
"PercentSampling":100,
"EchoTrainLength":104,
"PhaseEncodingSteps":104,
"AcquisitionMatrixPE":104,
"ReconMatrixPE":104,
"BandwidthPerPixelPhaseEncode":16.297,
"EffectiveEchoSpacing":0.000590009,
"DerivedVendorReportedEchoSpacing":0.000590009,
"TotalReadoutTime":0.060771,
"PixelBandwidth":2290,
"DwellTime":2.1E-6,
"PhaseEncodingDirection":"j",
"SliceTiming":[0,0.7825,0.0875,0.87,0.1725,0.9575,0.26,1.045,0.3475,1.13,0.435,1.2175,0.5225,1.305,0.61,1.3925,0.695,0,0.7825,0.0875,0.87,0.1725,0.9575,0.26,1.045,0.3475,1.13,0.435,1.2175,0.5225,1.305,0.61,1.3925,0.695,0,0.7825,0.0875,0.87,0.1725,0.9575,0.26,1.045,0.3475,1.13,0.435,1.2175,0.5225,1.305,0.61,1.3925,0.695,0,0.7825,0.0875,0.87,0.1725,0.9575,0.26,1.045,0.3475,1.13,0.435,1.2175,0.5225,1.305,0.61,1.3925,0.695],
"ImageOrientationPatientDICOM":[0.998811,0.00473847,0.0485206,-0.000697222,0.996552,-0.0829697],
"ImageOrientationText":"Tra>Cor(-4.8)>Sag(2.8)",
"InPlanePhaseEncodingDirectionDICOM":"COL",
"ConversionSoftware":"dcm2niix",
"ConversionSoftwareVersion":"v1.0.20211006",
"Dcm2bidsVersion":"2.1.6",
"TaskName":"3dmotion"}