{"Modality":"MR",
"MagneticFieldStrength":3,
"ImagingFrequency":123.203,
"Manufacturer":"Siemens",
"ManufacturersModelName":"Prisma",
"InstitutionName":"NYU AD",
"InstitutionalDepartmentName":"Department",
"InstitutionAddress":"Street StreetNo,Abu Dhabi,Saadyiat Island,AE,ZIP",
"DeviceSerialNumber":"166043",
"StationName":"AWP166043",
"BodyPartExamined":"BRAIN",
"PatientPosition":"HFS",
"ProcedureStepDescription":"Sub0202_BR_3D_Motion",
"SoftwareVersions":"syngo MR E11",
"MRAcquisitionType":"2D",
"SeriesDescription":"03_cmrr_mbepi_s4_2mm_68sl_PA_task_SBRef",
"ProtocolName":"03_cmrr_mbepi_s4_2mm_68sl_PA_task",
"ScanningSequence":"EP",
"SequenceVariant":"SK\\SS",
"ScanOptions":"FS",
"SequenceName":"epfid2d1_104",
"ImageType":["ORIGINAL",
"PRIMARY",
"M",
"ND",
"MOSAIC"],
"SeriesNumber":15,
"AcquisitionTime":"13:16:13.430000",
"AcquisitionNumber":1,
"ImageComments":"Single-band reference",
"SliceThickness":2,
"SpacingBetweenSlices":2,
"SAR":0.0486928,
"EchoTime":0.038,
"RepetitionTime":1.5,
"FlipAngle":68,
"PartialFourier":1,
"BaseResolution":104,
"ShimSetting":[-3028,-11032,7074,502,-69,-127,-36,45],
"TxRefAmp":205.68,
"PhaseResolution":1,
"VendorReportedEchoSpacing":0.00059,
"ReceiveCoilName":"HeadNeck_64",
"ReceiveCoilActiveElements":"HC1-7",
"PulseSequenceDetails":"%CustomerSeq%\\cmrr_mbep2d_bold",
"WipMemBlock":"bc6d5402-a88b-48bd-8daa-dda3d61fcc57||Sequence: R016 ve11c/master r/e634e98; Dec 19 2017 11:00:25 by eja",
"CoilCombinationMethod":"Sum of Squares",
"ConsistencyInfo":"N4_VE11C_LATEST_20160120",
"MatrixCoilMode":"SENSE",
"PercentPhaseFOV":100,
"PercentSampling":100,
"EchoTrainLength":104,
"PhaseEncodingSteps":104,
"AcquisitionMatrixPE":104,
"ReconMatrixPE":104,
"BandwidthPerPixelPhaseEncode":16.297,
"EffectiveEchoSpacing":0.000590009,
"DerivedVendorReportedEchoSpacing":0.000590009,
"TotalReadoutTime":0.060771,
"PixelBandwidth":2290,
"DwellTime":2.1E-6,
"PhaseEncodingDirection":"j",
"SliceTiming":[0,0.0875,0.175,0.2625,0.35,0.4375,0.5225,0.61,0.6975,0.785,0.8725,0.96,1.045,1.1325,1.22,1.3075,1.395,1.48,1.5675,1.655,1.7425,1.83,1.9175,2.0025,2.09,2.1775,2.265,2.3525,2.4375,2.525,2.6125,2.7,2.7875,2.875,2.96,3.0475,3.135,3.2225,3.31,3.395,3.4825,3.57,3.6575,3.745,3.8325,3.9175,4.005,4.0925,4.18,4.2675,4.3525,4.44,4.5275,4.615,4.7025,4.79,4.875,4.9625,5.05,5.1375,5.225,5.3125,5.3975,5.485,5.5725,5.66,5.7475,5.8325],
"ImageOrientationPatientDICOM":[0.994756,0.0995618,-0.0234251,-0.101921,0.984101,-0.145458],
"ImageOrientationText":"Tra>Cor(-8.5)>Sag(-0.5)",
"InPlanePhaseEncodingDirectionDICOM":"COL",
"ConversionSoftware":"dcm2niix",
"ConversionSoftwareVersion":"v1.0.20211006",
"Dcm2bidsVersion":"2.1.6",
"TaskName":"3dmotion"}