{"Modality":"MR",
"MagneticFieldStrength":3,
"ImagingFrequency":123.203,
"Manufacturer":"Siemens",
"ManufacturersModelName":"Prisma",
"InstitutionName":"NYU AD",
"InstitutionalDepartmentName":"Department",
"InstitutionAddress":"Street StreetNo,Abu Dhabi,Saadyiat Island,AE,ZIP",
"DeviceSerialNumber":"166043",
"StationName":"AWP166043",
"BodyPartExamined":"BRAIN",
"PatientPosition":"HFS",
"ProcedureStepDescription":"Sub0202_BR_3D_Motion",
"SoftwareVersions":"syngo MR E11",
"MRAcquisitionType":"2D",
"SeriesDescription":"09_cmrr_mbepi_s4_2mm_68sl_PA_task",
"ProtocolName":"09_cmrr_mbepi_s4_2mm_68sl_PA_task",
"ScanningSequence":"EP",
"SequenceVariant":"SK\\SS",
"ScanOptions":"FS",
"SequenceName":"epfid2d1_104",
"ImageType":["ORIGINAL",
"PRIMARY",
"M",
"MB",
"ND",
"MOSAIC"],
"SeriesNumber":28,
"AcquisitionTime":"14:00:26.597500",
"AcquisitionNumber":1,
"ImageComments":"Unaliased MB4/PE3/LB",
"SliceThickness":2,
"SpacingBetweenSlices":2,
"SAR":0.0486928,
"EchoTime":0.038,
"RepetitionTime":1.5,
"FlipAngle":68,
"PartialFourier":1,
"BaseResolution":104,
"ShimSetting":[-3028,-11032,7074,502,-69,-127,-36,45],
"TxRefAmp":205.68,
"PhaseResolution":1,
"VendorReportedEchoSpacing":0.00059,
"ReceiveCoilName":"HeadNeck_64",
"ReceiveCoilActiveElements":"HC1-7",
"PulseSequenceDetails":"%CustomerSeq%\\cmrr_mbep2d_bold",
"WipMemBlock":"bb49bad1-1e41-49cf-a452-91c372baa581||Sequence: R016 ve11c/master r/e634e98; Dec 19 2017 11:00:25 by eja",
"CoilCombinationMethod":"Sum of Squares",
"ConsistencyInfo":"N4_VE11C_LATEST_20160120",
"MatrixCoilMode":"SENSE",
"MultibandAccelerationFactor":4,
"PercentPhaseFOV":100,
"PercentSampling":100,
"EchoTrainLength":104,
"PhaseEncodingSteps":104,
"AcquisitionMatrixPE":104,
"ReconMatrixPE":104,
"BandwidthPerPixelPhaseEncode":16.297,
"EffectiveEchoSpacing":0.000590009,
"DerivedVendorReportedEchoSpacing":0.000590009,
"TotalReadoutTime":0.060771,
"PixelBandwidth":2290,
"DwellTime":2.1E-6,
"PhaseEncodingDirection":"j",
"SliceTiming":[0,0.7825,0.085,0.87,0.1725,0.9575,0.26,1.0425,0.3475,1.13,0.435,1.2175,0.5225,1.305,0.6075,1.3925,0.695,0,0.7825,0.085,0.87,0.1725,0.9575,0.26,1.0425,0.3475,1.13,0.435,1.2175,0.5225,1.305,0.6075,1.3925,0.695,0,0.7825,0.085,0.87,0.1725,0.9575,0.26,1.0425,0.3475,1.13,0.435,1.2175,0.5225,1.305,0.6075,1.3925,0.695,0,0.7825,0.085,0.87,0.1725,0.9575,0.26,1.0425,0.3475,1.13,0.435,1.2175,0.5225,1.305,0.6075,1.3925,0.695],
"ImageOrientationPatientDICOM":[0.994756,0.0995618,-0.0234251,-0.101921,0.984101,-0.145458],
"ImageOrientationText":"Tra>Cor(-8.5)>Sag(-0.5)",
"InPlanePhaseEncodingDirectionDICOM":"COL",
"ConversionSoftware":"dcm2niix",
"ConversionSoftwareVersion":"v1.0.20211006",
"Dcm2bidsVersion":"2.1.6",
"TaskName":"3dmotion"}